GEM
  remote: https://rubygems.org/
  specs:
    activesupport (7.0.8)
      concurrent-ruby (~> 1.0, >= 1.0.2)
      i18n (>= 1.6, < 2)
      minitest (>= 5.1)
      tzinfo (~> 2.0)
    arena (0.1.3)
      httparty
      json
    concurrent-ruby (1.2.2)
    dotenv (2.8.1)
    excon (0.102.0)
    httparty (0.21.0)
      mini_mime (>= 1.0.0)
      multi_xml (>= 0.5.2)
    i18n (1.14.1)
      concurrent-ruby (~> 1.0)
    json (2.6.3)
    mini_mime (1.1.5)
    minitest (5.20.0)
    multi_xml (0.6.0)
    pp (0.4.0)
      prettyprint
    prettyprint (0.1.1)
    tzinfo (2.0.6)
      concurrent-ruby (~> 1.0)

PLATFORMS
  arm64-darwin-22

DEPENDENCIES
  activesupport (~> 7.0)
  arena
  dotenv
  excon
  pp

RUBY VERSION
   ruby 3.2.2p53

BUNDLED WITH
   2.4.10
